GEM
  remote: https://rubygems.org/
  specs:
    google-protobuf (3.23.4)
    oj (3.14.2)
    ougai (2.0.0)
      oj (~> 3.10)
    pg (1.3.5)
    pg_online_schema_change (0.7.5)
      ougai (~> 2.0.0)
      pg (~> 1.3.2)
      pg_query (~> 2.1.3)
      thor (~> 1.2.1)
    pg_query (2.1.4)
      google-protobuf (>= 3.19.2)
    thor (1.2.2)

PLATFORMS
  ruby

DEPENDENCIES
  pg_online_schema_change

BUNDLED WITH
   1.17.2
